GEM
  remote: https://rubygems.org/
  specs:
    bunto (3.2.1)
      bunto-sass-converter (~> 2.0)
      bunto-watch (~> 1.0)
      colorator (~> 1.0)
      kramdown (~> 1.3)
      liquid (~> 3.0)
      mercenary (~> 0.3.3)
      pathutil (~> 0.9)
      rouge (~> 1.7)
      safe_yaml (~> 1.0)
    bunto-sass-converter (2.0.0)
      sass (~> 3.4)
    bunto-watch (1.0.0)
      listen (~> 3.0)
      wdm (~> 0.1.0)
    colorator (1.1.0)
    ffi (1.9.14-x64-mingw32)
    forwardable-extended (2.6.0)
    kramdown (1.12.0)
    liquid (3.0.6)
    listen (3.1.5)
      rb-fsevent (~> 0.9, >= 0.9.4)
      rb-inotify (~> 0.9, >= 0.9.7)
      ruby_dep (~> 1.2)
    mercenary (0.3.6)
    minima (1.0.1)
    pathutil (0.14.0)
      forwardable-extended (~> 2.6)
    rb-fsevent (0.9.7)
    rb-inotify (0.9.7)
      ffi (>= 0.5.0)
    rouge (1.11.1)
    ruby_dep (1.4.0)
    safe_yaml (1.0.4)
    sass (3.4.22)
    wdm (0.1.1)

PLATFORMS
  x64-mingw32

DEPENDENCIES
  bunto (= 3.2.1)
  minima

RUBY VERSION
   ruby 2.3.1p112

BUNDLED WITH
   1.12.5
